PATH
  remote: .
  specs:
    warthog (0.1.0)
      etc
      httparty

GEM
  remote: https://rubygems.org/
  specs:
    etc (0.2.0)
    httparty (0.13.3)
      json (~> 1.8)
      multi_xml (>= 0.5.2)
    json (1.8.2)
    multi_xml (0.5.5)

PLATFORMS
  ruby

DEPENDENCIES
  warthog!
